GEM
  remote: https://rubygems.org/
  specs:
    cuba (3.0.0)
      rack
    rack (1.4.1)
    rack-protection (1.2.0)
      rack
    tilt (1.3.3)

PLATFORMS
  ruby

DEPENDENCIES
  cuba
  rack-protection
  tilt
